PATH
  remote: .
  specs:
    solidus_rgpd (0.1.0)
      solidus_auth_devise
      solidus_core (>= 2.0)

GEM
  remote: https://rubygems.org/
  specs:
    actionmailer (6.1.4.6)
      actionpack (= 6.1.4.6)
      actionview (= 6.1.4.6)
      activejob (= 6.1.4.6)
      activesupport (= 6.1.4.6)
      mail (~> 2.5, >= 2.5.4)
      rails-dom-testing (~> 2.0)
    actionpack (6.1.4.6)
      actionview (= 6.1.4.6)
      activesupport (= 6.1.4.6)
      rack (~> 2.0, >= 2.0.9)
      rack-test (>= 0.6.3)
      rails-dom-testing (~> 2.0)
      rails-html-sanitizer (~> 1.0, >= 1.2.0)
    actionview (6.1.4.6)
      activesupport (= 6.1.4.6)
      builder (~> 3.1)
      erubi (~> 1.4)
      rails-dom-testing (~> 2.0)
      rails-html-sanitizer (~> 1.1, >= 1.2.0)
    activejob (6.1.4.6)
      activesupport (= 6.1.4.6)
      globalid (>= 0.3.6)
    activemerchant (1.125.0)
      activesupport (>= 4.2)
      builder (>= 2.1.2, < 4.0.0)
      i18n (>= 0.6.9)
      nokogiri (~> 1.4)
    activemodel (6.1.4.6)
      activesupport (= 6.1.4.6)
    activerecord (6.1.4.6)
      activemodel (= 6.1.4.6)
      activesupport (= 6.1.4.6)
    activesupport (6.1.4.6)
      concurrent-ruby (~> 1.0, >= 1.0.2)
      i18n (>= 1.6, < 2)
      minitest (>= 5.1)
      tzinfo (~> 2.0)
      zeitwerk (~> 2.3)
    acts_as_list (1.0.4)
      activerecord (>= 4.2)
    awesome_nested_set (3.5.0)
      activerecord (>= 4.0.0, < 7.1)
    bcrypt (3.1.16)
    builder (3.2.4)
    cancancan (3.3.0)
    carmen (1.1.3)
      activesupport (>= 3.0.0)
    climate_control (0.2.0)
    concurrent-ruby (1.1.9)
    crass (1.0.6)
    deface (1.8.2)
      actionview (>= 5.2)
      nokogiri (>= 1.6)
      polyglot
      railties (>= 5.2)
      rainbow (>= 2.1.0)
    devise (4.8.1)
      bcrypt (~> 3.0)
      orm_adapter (~> 0.1)
      railties (>= 4.1.0)
      responders
      warden (~> 1.2.3)
    devise-encryptable (0.2.0)
      devise (>= 2.1.0)
    discard (1.2.1)
      activerecord (>= 4.2, < 8)
    erubi (1.10.0)
    ffi (1.15.5)
    friendly_id (5.4.2)
      activerecord (>= 4.0.0)
    globalid (1.0.0)
      activesupport (>= 5.0)
    i18n (1.9.1)
      concurrent-ruby (~> 1.0)
    image_processing (1.12.1)
      mini_magick (>= 4.9.5, < 5)
      ruby-vips (>= 2.0.17, < 3)
    kaminari-activerecord (1.2.2)
      activerecord
      kaminari-core (= 1.2.2)
    kaminari-core (1.2.2)
    kt-paperclip (6.4.1)
      activemodel (>= 4.2.0)
      activesupport (>= 4.2.0)
      mime-types
      mimemagic (~> 0.3.0)
      terrapin (~> 0.6.0)
    loofah (2.14.0)
      crass (~> 1.0.2)
      nokogiri (>= 1.5.9)
    mail (2.7.1)
      mini_mime (>= 0.1.1)
    method_source (1.0.0)
    mime-types (3.4.1)
      mime-types-data (~> 3.2015)
    mime-types-data (3.2022.0105)
    mimemagic (0.3.10)
      nokogiri (~> 1)
      rake
    mini_magick (4.11.0)
    mini_mime (1.1.2)
    mini_portile2 (2.7.1)
    minitest (5.15.0)
    monetize (1.12.0)
      money (~> 6.12)
    money (6.16.0)
      i18n (>= 0.6.4, <= 2)
    nokogiri (1.13.1)
      mini_portile2 (~> 2.7.0)
      racc (~> 1.4)
    orm_adapter (0.5.0)
    polyglot (0.3.5)
    racc (1.6.0)
    rack (2.2.3)
    rack-test (1.1.0)
      rack (>= 1.0, < 3)
    rails-dom-testing (2.0.3)
      activesupport (>= 4.2.0)
      nokogiri (>= 1.6)
    rails-html-sanitizer (1.4.2)
      loofah (~> 2.3)
    railties (6.1.4.6)
      actionpack (= 6.1.4.6)
      activesupport (= 6.1.4.6)
      method_source
      rake (>= 0.13)
      thor (~> 1.0)
    rainbow (3.1.1)
    rake (10.5.0)
    ransack (2.5.0)
      activerecord (>= 5.2.4)
      activesupport (>= 5.2.4)
      i18n
    responders (3.0.1)
      actionpack (>= 5.0)
      railties (>= 5.0)
    ruby-vips (2.1.4)
      ffi (~> 1.12)
    solidus_auth_devise (2.5.4)
      deface (~> 1.0)
      devise (~> 4.1)
      devise-encryptable (= 0.2.0)
      solidus_core (>= 2.6, < 4)
      solidus_support (~> 0.5)
    solidus_core (3.1.5)
      actionmailer (>= 5.2, < 6.2.x)
      actionpack (>= 5.2, < 6.2.x)
      actionview (>= 5.2, < 6.2.x)
      activejob (>= 5.2, < 6.2.x)
      activemerchant (~> 1.66)
      activemodel (>= 5.2, < 6.2.x)
      activerecord (>= 5.2, < 6.2.x)
      activesupport (>= 5.2, < 6.2.x)
      acts_as_list (< 2.0)
      awesome_nested_set (~> 3.3)
      cancancan (>= 2.2, < 4.0)
      carmen (~> 1.1.0)
      discard (~> 1.0)
      friendly_id (~> 5.0)
      image_processing (~> 1.10)
      kaminari-activerecord (~> 1.1)
      kt-paperclip (~> 6.3)
      mini_magick (~> 4.10)
      monetize (~> 1.8)
      railties (>= 5.2, < 6.2.x)
      ransack (~> 2.0)
      state_machines-activerecord (~> 0.6)
    solidus_support (0.8.1)
    state_machines (0.5.0)
    state_machines-activemodel (0.8.0)
      activemodel (>= 5.1)
      state_machines (>= 0.5.0)
    state_machines-activerecord (0.8.0)
      activerecord (>= 5.1)
      state_machines-activemodel (>= 0.8.0)
    terrapin (0.6.0)
      climate_control (>= 0.0.3, < 1.0)
    thor (1.2.1)
    tzinfo (2.0.4)
      concurrent-ruby (~> 1.0)
    warden (1.2.9)
      rack (>= 2.0.9)
    zeitwerk (2.5.4)

PLATFORMS
  ruby

DEPENDENCIES
  bundler (~> 2.0)
  rake (~> 10.0)
  solidus_rgpd!

BUNDLED WITH
   2.0.1
